GEM
  remote: https://rubygems.org/
  specs:
    base64 (0.2.0)
    byebug (11.1.3)
    dotenv (3.1.0)
    json (2.7.1)
    rexml (3.2.6)
    rubyzip (2.3.2)
    selenium-webdriver (4.19.0)
      base64 (~> 0.2)
      rexml (~> 3.2, >= 3.2.5)
      rubyzip (>= 1.2.2, < 3.0)
      websocket (~> 1.0)
    websocket (1.2.10)

PLATFORMS
  arm64-darwin-22
  ruby

DEPENDENCIES
  byebug
  dotenv
  json
  selenium-webdriver

BUNDLED WITH
   2.5.6
